GIT
  remote: git://github.com/mongoid/mongoid.git
  revision: 8b33b62a43fb989a6a6db9beb72d98d8c84874ea
  specs:
    mongoid (4.0.0.beta1)
      activemodel (>= 4.0.0)
      moped (~> 2.0.beta6)
      origin (~> 2.1)
      tzinfo (>= 0.3.37)

GEM
  remote: http://rubygems.org/
  specs:
    activemodel (4.1.0)
      activesupport (= 4.1.0)
      builder (~> 3.1)
    activesupport (4.1.0)
      i18n (~> 0.6, >= 0.6.9)
      json (~> 1.7, >= 1.7.7)
      minitest (~> 5.1)
      thread_safe (~> 0.1)
      tzinfo (~> 1.1)
    barby (0.5.1)
    bson (2.2.2)
    builder (3.2.2)
    chunky_png (1.3.0)
    connection_pool (2.0.0)
    dotenv (0.10.0)
    foreman (0.63.0)
      dotenv (>= 0.7)
      thor (>= 0.13.6)
    i18n (0.6.9)
    json (1.8.1)
    minitest (5.3.3)
    moped (2.0.0.rc1)
      bson (~> 2.2)
      connection_pool (~> 2.0)
      optionable (~> 0.2.0)
    optionable (0.2.0)
    origin (2.1.1)
    rack (1.5.2)
    rack-protection (1.5.3)
      rack
    rqrcode (0.4.2)
    rqrcode_png (0.1.2)
      chunky_png
      rqrcode
    sinatra (1.4.5)
      rack (~> 1.4)
      rack-protection (~> 1.4)
      tilt (~> 1.3, >= 1.3.4)
    thor (0.19.1)
    thread_safe (0.3.3)
    tilt (1.4.1)
    tzinfo (1.1.0)
      thread_safe (~> 0.1)

PLATFORMS
  ruby

DEPENDENCIES
  barby
  chunky_png
  foreman
  mongoid!
  rqrcode
  rqrcode_png
  sinatra
